PATH
  remote: .
  specs:
    foobara-demo-answer-bot (0.0.1)
      foobara
      foobara-dotenv-loader
      foobara-rack-connector
      foobara-redis-crud-driver
      foobara-remote-imports
      foobara-resque-connector
      foobara-resque-scheduler-connector
      foobara-sh-cli-connector
      puma
      rackup
      rerun
      resque
      resque-scheduler

GEM
  remote: https://rubygems.org/
  specs:
    addressable (2.8.7)
      public_suffix (>= 2.0.2, < 7.0)
    ast (2.4.3)
    base64 (0.2.0)
    bigdecimal (3.1.9)
    byebug (12.0.0)
    coderay (1.1.3)
    concurrent-ruby (1.3.5)
    connection_pool (2.5.3)
    crack (1.0.0)
      bigdecimal
      rexml
    date (3.4.1)
    diff-lcs (1.6.1)
    docile (1.4.1)
    dotenv (3.1.8)
    et-orbi (1.2.11)
      tzinfo
    extract-repo (0.0.13)
      foobara (~> 0.0.102)
      foobara-sh-cli-connector (~> 0.0.1)
    ffi (1.17.2-x86_64-linux-gnu)
    foob (0.0.14)
      foobara (~> 0.0.116)
      foobara-command-generator (~> 0.0.1)
      foobara-domain-generator (~> 0.0.1)
      foobara-domain-mapper-generator (~> 0.0.1)
      foobara-empty-ruby-project-generator (~> 0.0.1)
      foobara-empty-typescript-react-project-generator (~> 0.0.1)
      foobara-local-files-crud-driver-generator (~> 0.0.1)
      foobara-mcp-connector-generator (~> 0.0.1)
      foobara-organization-generator (~> 0.0.1)
      foobara-rack-connector-generator (~> 0.0.1)
      foobara-redis-crud-driver-generator (~> 0.0.1)
      foobara-remote-imports-generator (~> 0.0.1)
      foobara-resque-connector-generator (~> 0.0.1)
      foobara-resque-scheduler-connector-generator (~> 0.0.1)
      foobara-sh-cli-connector (~> 0.0.10)
      foobara-sh-cli-connector-generator (~> 0.0.1)
      foobara-type-generator (~> 0.0.1)
      foobara-typescript-react-command-form-generator (~> 0.0.1)
      foobara-typescript-remote-command-generator (~> 0.0.1)
    foobara (0.0.121)
      bigdecimal
      foobara-lru-cache (~> 0.0.2)
      foobara-util (~> 0.0.11)
      inheritable-thread-vars (~> 0.0.1)
    foobara-command-generator (0.0.3)
      foobara
      foobara-files-generator
    foobara-domain-generator (0.0.3)
      foobara
      foobara-files-generator
    foobara-domain-mapper-generator (0.0.4)
      foobara
      foobara-files-generator
    foobara-dotenv-loader (0.0.3)
      dotenv
    foobara-empty-ruby-project-generator (0.0.22)
      extract-repo (~> 0.0.1)
      foobara (~> 0.0.116)
      foobara-files-generator (~> 0.0.1)
    foobara-empty-typescript-react-project-generator (0.0.6)
      foobara (~> 0.0.116)
      foobara-files-generator (~> 0.0.1)
    foobara-files-generator (0.0.7)
      foobara (~> 0.0.116)
    foobara-http-command-connector (0.0.26)
      foobara (~> 0.0.116)
    foobara-local-files-crud-driver-generator (0.0.3)
      foobara
      foobara-files-generator
    foobara-lru-cache (0.0.2)
    foobara-mcp-connector-generator (0.0.6)
      foobara (~> 0.0.99)
    foobara-organization-generator (0.0.2)
      foobara
      foobara-files-generator
    foobara-rack-connector (0.0.10)
      foobara (~> 0.0.88)
      foobara-http-command-connector (~> 0.0.1)
      rack
    foobara-rack-connector-generator (0.0.11)
      foobara
      foobara-files-generator
    foobara-redis-crud-driver (0.0.4)
      foobara
      redis
    foobara-redis-crud-driver-generator (0.0.4)
      foobara-files-generator (~> 0.0.1)
    foobara-remote-imports (0.0.14)
      foobara (~> 0.0.88)
    foobara-remote-imports-generator (0.0.3)
      foobara
      foobara-files-generator
    foobara-resque-connector (0.0.2)
      foobara
      resque
    foobara-resque-connector-generator (0.0.2)
      foobara
      foobara-files-generator
    foobara-resque-scheduler-connector (0.0.3)
      foobara
      resque-scheduler
    foobara-resque-scheduler-connector-generator (0.0.2)
      foobara
      foobara-files-generator
    foobara-rubocop-rules (0.0.10)
      rubocop
      rubocop-rspec
    foobara-sh-cli-connector (0.0.17)
      foobara (~> 0.0.88)
    foobara-sh-cli-connector-generator (0.0.5)
      foobara-files-generator (~> 0.0.1)
    foobara-spec-helpers (0.0.4)
      foobara-util
    foobara-type-generator (0.0.4)
      foobara
      foobara-files-generator
    foobara-typescript-react-command-form-generator (0.0.12)
      foobara-typescript-remote-command-generator (~> 0.0.1)
    foobara-typescript-remote-command-generator (0.0.20)
      foobara-files-generator (~> 0.0.1)
    foobara-util (0.0.12)
    formatador (1.1.0)
    fugit (1.11.1)
      et-orbi (~> 1, >= 1.2.11)
      raabro (~> 1.4)
    guard (2.19.1)
      formatador (>= 0.2.4)
      listen (>= 2.7, < 4.0)
      logger (~> 1.6)
      lumberjack (>= 1.0.12, < 2.0)
      nenv (~> 0.1)
      notiffany (~> 0.0)
      ostruct (~> 0.6)
      pry (>= 0.13.0)
      shellany (~> 0.0)
      thor (>= 0.18.1)
    guard-compat (1.2.1)
    guard-rspec (4.7.3)
      guard (~> 2.1)
      guard-compat (~> 1.1)
      rspec (>= 2.99.0, < 4.0)
    hashdiff (1.1.2)
    inheritable-thread-vars (0.0.2)
    io-console (0.8.0)
    irb (1.15.2)
      pp (>= 0.6.0)
      rdoc (>= 4.0.0)
      reline (>= 0.4.2)
    json (2.11.3)
    language_server-protocol (3.17.0.4)
    lint_roller (1.1.0)
    listen (3.9.0)
      rb-fsevent (~> 0.10, >= 0.10.3)
      rb-inotify (~> 0.9, >= 0.9.10)
    logger (1.7.0)
    lumberjack (1.2.10)
    method_source (1.1.0)
    mono_logger (1.1.2)
    multi_json (1.15.0)
    mustermann (3.0.3)
      ruby2_keywords (~> 0.0.1)
    nenv (0.3.0)
    nio4r (2.7.4)
    notiffany (0.1.3)
      nenv (~> 0.1)
      shellany (~> 0.0)
    ostruct (0.6.1)
    parallel (1.27.0)
    parser (3.3.8.0)
      ast (~> 2.4.1)
      racc
    pp (0.6.2)
      prettyprint
    prettyprint (0.2.0)
    prism (1.4.0)
    pry (0.15.2)
      coderay (~> 1.1)
      method_source (~> 1.0)
    pry-byebug (3.11.0)
      byebug (~> 12.0)
      pry (>= 0.13, < 0.16)
    psych (5.2.5)
      date
      stringio
    public_suffix (6.0.2)
    puma (6.6.0)
      nio4r (~> 2.0)
    raabro (1.4.0)
    racc (1.8.1)
    rack (3.1.14)
    rack-protection (4.1.1)
      base64 (>= 0.1.0)
      logger (>= 1.6.0)
      rack (>= 3.0.0, < 4)
    rack-session (2.1.1)
      base64 (>= 0.1.0)
      rack (>= 3.0.0)
    rackup (2.2.1)
      rack (>= 3)
    rainbow (3.1.1)
    rake (13.2.1)
    rb-fsevent (0.11.2)
    rb-inotify (0.11.1)
      ffi (~> 1.0)
    rdoc (6.13.1)
      psych (>= 4.0.0)
    redis (5.4.0)
      redis-client (>= 0.22.0)
    redis-client (0.24.0)
      connection_pool
    redis-namespace (1.11.0)
      redis (>= 4)
    regexp_parser (2.10.0)
    reline (0.6.1)
      io-console (~> 0.5)
    rerun (0.14.0)
      listen (~> 3.0)
    resque (2.7.0)
      mono_logger (~> 1)
      multi_json (~> 1.0)
      redis-namespace (~> 1.6)
      sinatra (>= 0.9.2)
    resque-scheduler (4.11.0)
      mono_logger (~> 1.0)
      redis (>= 3.3)
      resque (>= 1.27)
      rufus-scheduler (~> 3.2, != 3.3)
    rexml (3.4.1)
    rspec (3.13.0)
      rspec-core (~> 3.13.0)
      rspec-expectations (~> 3.13.0)
      rspec-mocks (~> 3.13.0)
    rspec-core (3.13.3)
      rspec-support (~> 3.13.0)
    rspec-expectations (3.13.4)
      diff-lcs (>= 1.2.0, < 2.0)
      rspec-support (~> 3.13.0)
    rspec-its (2.0.0)
      rspec-core (>= 3.13.0)
      rspec-expectations (>= 3.13.0)
    rspec-mocks (3.13.4)
      diff-lcs (>= 1.2.0, < 2.0)
      rspec-support (~> 3.13.0)
    rspec-support (3.13.3)
    rubocop (1.75.5)
      json (~> 2.3)
      language_server-protocol (~> 3.17.0.2)
      lint_roller (~> 1.1.0)
      parallel (~> 1.10)
      parser (>= 3.3.0.2)
      rainbow (>= 2.2.2, < 4.0)
      regexp_parser (>= 2.9.3, < 3.0)
      rubocop-ast (>= 1.44.0, < 2.0)
      ruby-progressbar (~> 1.7)
      unicode-display_width (>= 2.4.0, < 4.0)
    rubocop-ast (1.44.1)
      parser (>= 3.3.7.2)
      prism (~> 1.4)
    rubocop-rake (0.7.1)
      lint_roller (~> 1.1)
      rubocop (>= 1.72.1)
    rubocop-rspec (3.6.0)
      lint_roller (~> 1.1)
      rubocop (~> 1.72, >= 1.72.1)
    ruby-prof (1.7.1)
    ruby-progressbar (1.13.0)
    ruby2_keywords (0.0.5)
    rufus-scheduler (3.9.2)
      fugit (~> 1.1, >= 1.11.1)
    shellany (0.0.1)
    simplecov (0.22.0)
      docile (~> 1.1)
      simplecov-html (~> 0.11)
      simplecov_json_formatter (~> 0.1)
    simplecov-html (0.13.1)
    simplecov_json_formatter (0.1.4)
    sinatra (4.1.1)
      logger (>= 1.6.0)
      mustermann (~> 3.0)
      rack (>= 3.0.0, < 4)
      rack-protection (= 4.1.1)
      rack-session (>= 2.0.0, < 3)
      tilt (~> 2.0)
    stringio (3.1.7)
    thor (1.3.2)
    tilt (2.6.0)
    tzinfo (2.0.6)
      concurrent-ruby (~> 1.0)
    unicode-display_width (3.1.4)
      unicode-emoji (~> 4.0, >= 4.0.4)
    unicode-emoji (4.0.4)
    vcr (6.3.1)
      base64
    webmock (3.25.1)
      addressable (>= 2.8.0)
      crack (>= 0.3.2)
      hashdiff (>= 0.4.0, < 2.0.0)

PLATFORMS
  x86_64-linux

DEPENDENCIES
  foob
  foobara-demo-answer-bot!
  foobara-rubocop-rules
  foobara-spec-helpers
  guard-rspec
  irb
  pry
  pry-byebug
  rake
  rspec
  rspec-its
  rubocop-rake
  rubocop-rspec
  ruby-prof
  simplecov
  vcr
  webmock

RUBY VERSION
   ruby 3.4.2p28

BUNDLED WITH
   2.6.3
