GIT
  remote: https://github.com/foobara/rack-connector.git
  revision: 2e05a8d45e578d706fea99cb27074e045c78c9ff
  specs:
    foobara-rack-connector (0.0.4)
      foobara
      foobara-http-command-connector
      foobara-util
      rack

GIT
  remote: https://github.com/foobara/redis-crud-driver.git
  revision: 030d289072d32bd47fe11a7d6aa8b71dc43ffc8c
  specs:
    foobara-redis-crud-driver (0.0.2)
      foobara
      redis

GIT
  remote: https://github.com/foobara/remote-imports.git
  revision: abc5d86d1995d45411970eb124564ef1ef26963d
  specs:
    foobara-remote-imports (0.0.9)
      foobara

GIT
  remote: https://github.com/foobara/resque-connector.git
  revision: b0c37ee4bfab130bf9637a78cc487107a512f76f
  specs:
    foobara-resque-connector (0.0.2)
      foobara
      resque

GIT
  remote: https://github.com/foobara/resque-scheduler-connector.git
  revision: 6d45a51f265664f2e3d318cac4f625491fe6af83
  specs:
    foobara-resque-scheduler-connector (0.0.3)
      foobara
      resque-scheduler

GIT
  remote: https://github.com/foobara/sh-cli-connector.git
  revision: 0395892752bee143a69b889709740a70fbc88f1e
  specs:
    foobara-sh-cli-connector (0.0.11)
      foobara

PATH
  remote: .
  specs:
    foobara-demo-answer-bot (0.0.1)
      foobara
      resque
      resque-scheduler

GEM
  remote: https://rubygems.org/
  specs:
    addressable (2.8.7)
      public_suffix (>= 2.0.2, < 7.0)
    ast (2.4.2)
    base64 (0.2.0)
    bigdecimal (3.1.9)
    byebug (11.1.3)
    coderay (1.1.3)
    concurrent-ruby (1.3.5)
    connection_pool (2.5.0)
    crack (1.0.0)
      bigdecimal
      rexml
    diff-lcs (1.6.0)
    docile (1.4.1)
    dotenv (3.1.7)
    et-orbi (1.2.11)
      tzinfo
    extract-repo (0.0.9)
      foobara
      foobara-sh-cli-connector
    ffi (1.17.1-x86_64-linux-gnu)
    foob (0.0.11)
      foobara
      foobara-autocrud-generator
      foobara-command-generator
      foobara-domain-generator
      foobara-domain-mapper-generator
      foobara-empty-ruby-project-generator
      foobara-empty-typescript-react-project-generator
      foobara-local-files-crud-driver-generator
      foobara-organization-generator
      foobara-rack-connector-generator
      foobara-redis-crud-driver-generator
      foobara-remote-imports-generator
      foobara-resque-connector-generator
      foobara-resque-scheduler-connector-generator
      foobara-sh-cli-connector (~> 0.0.10)
      foobara-sh-cli-connector-generator
      foobara-type-generator
      foobara-typescript-react-command-form-generator
      foobara-typescript-remote-command-generator
    foobara (0.0.55)
      bigdecimal
      foobara-util
    foobara-autocrud-generator (0.0.1)
      foobara
      foobara-files-generator
    foobara-command-generator (0.0.3)
      foobara
      foobara-files-generator
    foobara-domain-generator (0.0.3)
      foobara
      foobara-files-generator
    foobara-domain-mapper-generator (0.0.4)
      foobara
      foobara-files-generator
    foobara-dotenv-loader (0.0.2)
      dotenv
    foobara-empty-ruby-project-generator (0.0.13)
      extract-repo
      foobara
      foobara-files-generator
    foobara-empty-typescript-react-project-generator (0.0.4)
      foobara
      foobara-files-generator
    foobara-files-generator (0.0.5)
      foobara
    foobara-http-command-connector (0.0.14)
      foobara
    foobara-local-files-crud-driver-generator (0.0.3)
      foobara
      foobara-files-generator
    foobara-organization-generator (0.0.2)
      foobara
      foobara-files-generator
    foobara-rack-connector-generator (0.0.7)
      foobara
      foobara-files-generator
    foobara-redis-crud-driver-generator (0.0.3)
      foobara
      foobara-files-generator
    foobara-remote-imports-generator (0.0.3)
      foobara
      foobara-files-generator
    foobara-resque-connector-generator (0.0.2)
      foobara
      foobara-files-generator
    foobara-resque-scheduler-connector-generator (0.0.2)
      foobara
      foobara-files-generator
    foobara-rubocop-rules (0.0.6)
      rubocop
      rubocop-rspec
    foobara-sh-cli-connector-generator (0.0.3)
      foobara
      foobara-files-generator
    foobara-spec-helpers (0.0.4)
      foobara-util
    foobara-type-generator (0.0.4)
      foobara
      foobara-files-generator
    foobara-typescript-react-command-form-generator (0.0.3)
      foobara
      foobara-files-generator
      foobara-typescript-remote-command-generator
    foobara-typescript-remote-command-generator (0.0.8)
      foobara
      foobara-files-generator
    foobara-util (0.0.9)
    formatador (1.1.0)
    fugit (1.11.1)
      et-orbi (~> 1, >= 1.2.11)
      raabro (~> 1.4)
    guard (2.19.1)
      formatador (>= 0.2.4)
      listen (>= 2.7, < 4.0)
      logger (~> 1.6)
      lumberjack (>= 1.0.12, < 2.0)
      nenv (~> 0.1)
      notiffany (~> 0.0)
      ostruct (~> 0.6)
      pry (>= 0.13.0)
      shellany (~> 0.0)
      thor (>= 0.18.1)
    guard-compat (1.2.1)
    guard-rspec (4.7.3)
      guard (~> 2.1)
      guard-compat (~> 1.1)
      rspec (>= 2.99.0, < 4.0)
    hashdiff (1.1.2)
    json (2.10.1)
    language_server-protocol (3.17.0.4)
    lint_roller (1.1.0)
    listen (3.9.0)
      rb-fsevent (~> 0.10, >= 0.10.3)
      rb-inotify (~> 0.9, >= 0.9.10)
    logger (1.6.6)
    lumberjack (1.2.10)
    method_source (1.1.0)
    mono_logger (1.1.2)
    multi_json (1.15.0)
    mustermann (3.0.3)
      ruby2_keywords (~> 0.0.1)
    nenv (0.3.0)
    notiffany (0.1.3)
      nenv (~> 0.1)
      shellany (~> 0.0)
    ostruct (0.6.1)
    parallel (1.26.3)
    parser (3.3.7.1)
      ast (~> 2.4.1)
      racc
    pry (0.14.2)
      coderay (~> 1.1)
      method_source (~> 1.0)
    pry-byebug (3.10.1)
      byebug (~> 11.0)
      pry (>= 0.13, < 0.15)
    public_suffix (6.0.1)
    raabro (1.4.0)
    racc (1.8.1)
    rack (3.1.10)
    rack-protection (4.1.1)
      base64 (>= 0.1.0)
      logger (>= 1.6.0)
      rack (>= 3.0.0, < 4)
    rack-session (2.1.0)
      base64 (>= 0.1.0)
      rack (>= 3.0.0)
    rackup (2.2.1)
      rack (>= 3)
    rainbow (3.1.1)
    rake (13.2.1)
    rb-fsevent (0.11.2)
    rb-inotify (0.11.1)
      ffi (~> 1.0)
    redis (5.3.0)
      redis-client (>= 0.22.0)
    redis-client (0.23.2)
      connection_pool
    redis-namespace (1.11.0)
      redis (>= 4)
    regexp_parser (2.10.0)
    rerun (0.14.0)
      listen (~> 3.0)
    resque (2.7.0)
      mono_logger (~> 1)
      multi_json (~> 1.0)
      redis-namespace (~> 1.6)
      sinatra (>= 0.9.2)
    resque-scheduler (4.11.0)
      mono_logger (~> 1.0)
      redis (>= 3.3)
      resque (>= 1.27)
      rufus-scheduler (~> 3.2, != 3.3)
    rexml (3.4.1)
    rspec (3.13.0)
      rspec-core (~> 3.13.0)
      rspec-expectations (~> 3.13.0)
      rspec-mocks (~> 3.13.0)
    rspec-core (3.13.3)
      rspec-support (~> 3.13.0)
    rspec-expectations (3.13.3)
      diff-lcs (>= 1.2.0, < 2.0)
      rspec-support (~> 3.13.0)
    rspec-its (2.0.0)
      rspec-core (>= 3.13.0)
      rspec-expectations (>= 3.13.0)
    rspec-mocks (3.13.2)
      diff-lcs (>= 1.2.0, < 2.0)
      rspec-support (~> 3.13.0)
    rspec-support (3.13.2)
    rubocop (1.72.1)
      json (~> 2.3)
      language_server-protocol (~> 3.17.0.2)
      lint_roller (~> 1.1.0)
      parallel (~> 1.10)
      parser (>= 3.3.0.2)
      rainbow (>= 2.2.2, < 4.0)
      regexp_parser (>= 2.9.3, < 3.0)
      rubocop-ast (>= 1.38.0, < 2.0)
      ruby-progressbar (~> 1.7)
      unicode-display_width (>= 2.4.0, < 4.0)
    rubocop-ast (1.38.0)
      parser (>= 3.3.1.0)
    rubocop-rake (0.7.1)
      lint_roller (~> 1.1)
      rubocop (>= 1.72.1)
    rubocop-rspec (3.5.0)
      lint_roller (~> 1.1)
      rubocop (~> 1.72, >= 1.72.1)
    ruby-prof (1.7.1)
    ruby-progressbar (1.13.0)
    ruby2_keywords (0.0.5)
    rufus-scheduler (3.9.2)
      fugit (~> 1.1, >= 1.11.1)
    shellany (0.0.1)
    simplecov (0.22.0)
      docile (~> 1.1)
      simplecov-html (~> 0.11)
      simplecov_json_formatter (~> 0.1)
    simplecov-html (0.13.1)
    simplecov_json_formatter (0.1.4)
    sinatra (4.1.1)
      logger (>= 1.6.0)
      mustermann (~> 3.0)
      rack (>= 3.0.0, < 4)
      rack-protection (= 4.1.1)
      rack-session (>= 2.0.0, < 3)
      tilt (~> 2.0)
    thor (1.3.2)
    tilt (2.6.0)
    tzinfo (2.0.6)
      concurrent-ruby (~> 1.0)
    unicode-display_width (3.1.4)
      unicode-emoji (~> 4.0, >= 4.0.4)
    unicode-emoji (4.0.4)
    vcr (6.3.1)
      base64
    webmock (3.25.0)
      addressable (>= 2.8.0)
      crack (>= 0.3.2)
      hashdiff (>= 0.4.0, < 2.0.0)

PLATFORMS
  x86_64-linux

DEPENDENCIES
  foob
  foobara-demo-answer-bot!
  foobara-dotenv-loader
  foobara-rack-connector!
  foobara-redis-crud-driver!
  foobara-remote-imports!
  foobara-resque-connector!
  foobara-resque-scheduler-connector!
  foobara-rubocop-rules
  foobara-sh-cli-connector!
  foobara-spec-helpers
  guard-rspec
  pry
  pry-byebug
  rackup
  rake
  rerun
  rspec
  rspec-its
  rubocop-rake
  rubocop-rspec
  ruby-prof
  simplecov
  vcr
  webmock

RUBY VERSION
   ruby 3.4.1p0

BUNDLED WITH
   2.6.3
